NUGET
  remote: https://www.nuget.org/api/v2
    DotLiquid (2.0.30)
    FAKE (4.40)
    FsCheck (2.6.2)
      FSharp.Core (>= 3.1.2.5)
    FsCheck.Xunit (2.6.2)
      FsCheck (>= 2.6.2)
      xunit.extensibility.execution (>= 2.1 < 3.0)
    FSharp.Compiler.Service (2.0.0.6)
    FSharp.Core (4.0.0.1)
    FSharp.Formatting (3.0.0-beta01)
      FSharp.Compiler.Service (2.0.0.6)
      FSharpVSPowerTools.Core (>= 2.3 < 2.4)
    FSharpVSPowerTools.Core (2.3)
      FSharp.Compiler.Service (>= 2.0.0.3)
    Microsoft.NETCore.Platforms (1.0.1) - restriction: == dnxcore50
    Microsoft.NETCore.Targets (1.0.1) - restriction: == dnxcore50
    Suave (1.1.3)
      FSharp.Core (>= 3.1.2.5)
    System.Collections (4.0.11) - restriction: == dnxcore50
      Microsoft.NETCore.Platforms (>= 1.0.1) - restriction: || (== dnxcore50) (== netstandard1.0) (>= netstandard1.3)
      Microsoft.NETCore.Targets (>= 1.0.1) - restriction: || (== dnxcore50) (== netstandard1.0) (>= netstandard1.3)
      System.Runtime (>= 4.1) - restriction: || (== dnxcore50) (== netstandard1.0) (>= netstandard1.3)
    System.Diagnostics.Contracts (4.0.1) - restriction: == dnxcore50
      System.Runtime (>= 4.1) - restriction: || (== dnxcore50) (>= netstandard1.0)
    System.Diagnostics.Debug (4.0.11) - restriction: == dnxcore50
      Microsoft.NETCore.Platforms (>= 1.0.1) - restriction: || (== dnxcore50) (== netstandard1.0) (>= netstandard1.3)
      Microsoft.NETCore.Targets (>= 1.0.1) - restriction: || (== dnxcore50) (== netstandard1.0) (>= netstandard1.3)
      System.Runtime (>= 4.1) - restriction: || (== dnxcore50) (== netstandard1.0) (>= netstandard1.3)
    System.Globalization (4.0.11) - restriction: == dnxcore50
      Microsoft.NETCore.Platforms (>= 1.0.1) - restriction: || (== dnxcore50) (== netstandard1.0) (>= netstandard1.3)
      Microsoft.NETCore.Targets (>= 1.0.1) - restriction: || (== dnxcore50) (== netstandard1.0) (>= netstandard1.3)
      System.Runtime (>= 4.1) - restriction: || (== dnxcore50) (== netstandard1.0) (>= netstandard1.3)
    System.IO (4.1) - restriction: == dnxcore50
      Microsoft.NETCore.Platforms (>= 1.0.1) - restriction: || (== dnxcore50) (== netstandard1.0) (== netstandard1.3) (>= netstandard1.5)
      Microsoft.NETCore.Targets (>= 1.0.1) - restriction: || (== dnxcore50) (== netstandard1.0) (== netstandard1.3) (>= netstandard1.5)
      System.Runtime (>= 4.1) - restriction: || (== dnxcore50) (== netstandard1.0) (== netstandard1.3) (>= netstandard1.5)
      System.Text.Encoding (>= 4.0.11) - restriction: || (== dnxcore50) (== netstandard1.0) (== netstandard1.3) (>= netstandard1.5)
      System.Threading.Tasks (>= 4.0.11) - restriction: || (== dnxcore50) (== netstandard1.0) (== netstandard1.3) (>= netstandard1.5)
    System.Linq (4.1) - restriction: == dnxcore50
      System.Collections (>= 4.0.11) - restriction: || (== dnxcore50) (== netstandard1.0) (>= netstandard1.6)
      System.Diagnostics.Debug (>= 4.0.11) - restriction: || (== dnxcore50) (>= netstandard1.6)
      System.Resources.ResourceManager (>= 4.0.1) - restriction: || (== dnxcore50) (>= netstandard1.6)
      System.Runtime (>= 4.1) - restriction: || (== dnxcore50) (== netstandard1.0) (>= netstandard1.6)
      System.Runtime.Extensions (>= 4.1) - restriction: || (== dnxcore50) (>= netstandard1.6)
    System.Linq.Expressions (4.1) - restriction: == dnxcore50
      System.Collections (>= 4.0.11) - restriction: || (== dnxcore50) (>= netstandard1.6)
      System.Diagnostics.Debug (>= 4.0.11) - restriction: || (== dnxcore50) (>= netstandard1.6)
      System.Globalization (>= 4.0.11) - restriction: || (== dnxcore50) (>= netstandard1.6)
      System.IO (>= 4.1) - restriction: || (== dnxcore50) (>= netstandard1.6)
      System.Linq (>= 4.1) - restriction: || (== dnxcore50) (>= netstandard1.6)
      System.Reflection (>= 4.1) - restriction: || (== dnxcore50) (== netstandard1.0) (== netstandard1.3) (>= netstandard1.6)
      System.Reflection.Emit.ILGeneration (>= 4.0.1) - restriction: || (== dnxcore50) (>= netstandard1.6)
      System.Reflection.Emit.Lightweight (>= 4.0.1) - restriction: || (== dnxcore50) (>= netstandard1.6)
      System.Reflection.Extensions (>= 4.0.1) - restriction: || (== dnxcore50) (>= netstandard1.6)
      System.Reflection.Primitives (>= 4.0.1) - restriction: || (== dnxcore50) (>= netstandard1.6)
      System.Reflection.TypeExtensions (>= 4.1) - restriction: || (== dnxcore50) (>= netstandard1.6)
      System.Resources.ResourceManager (>= 4.0.1) - restriction: || (== dnxcore50) (>= netstandard1.6)
      System.Runtime (>= 4.1) - restriction: || (== dnxcore50) (== netstandard1.0) (== netstandard1.3) (>= netstandard1.6)
      System.Runtime.Extensions (>= 4.1) - restriction: || (== dnxcore50) (>= netstandard1.6)
      System.Threading (>= 4.0.11) - restriction: || (== dnxcore50) (>= netstandard1.6)
    System.Reflection (4.1) - restriction: == dnxcore50
      Microsoft.NETCore.Platforms (>= 1.0.1) - restriction: || (== dnxcore50) (== netstandard1.0) (== netstandard1.3) (>= netstandard1.5)
      Microsoft.NETCore.Targets (>= 1.0.1) - restriction: || (== dnxcore50) (== netstandard1.0) (== netstandard1.3) (>= netstandard1.5)
      System.IO (>= 4.1) - restriction: || (== dnxcore50) (== netstandard1.0) (== netstandard1.3) (>= netstandard1.5)
      System.Reflection.Primitives (>= 4.0.1) - restriction: || (== dnxcore50) (== netstandard1.0) (== netstandard1.3) (>= netstandard1.5)
      System.Runtime (>= 4.1) - restriction: || (== dnxcore50) (== netstandard1.0) (== netstandard1.3) (>= netstandard1.5)
    System.Reflection.Emit.ILGeneration (4.0.1) - restriction: == dnxcore50
    System.Reflection.Emit.Lightweight (4.0.1) - restriction: == dnxcore50
    System.Reflection.Extensions (4.0.1) - restriction: == dnxcore50
      Microsoft.NETCore.Platforms (>= 1.0.1) - restriction: || (== dnxcore50) (>= netstandard1.0)
      Microsoft.NETCore.Targets (>= 1.0.1) - restriction: || (== dnxcore50) (>= netstandard1.0)
      System.Reflection (>= 4.1) - restriction: || (== dnxcore50) (>= netstandard1.0)
      System.Runtime (>= 4.1) - restriction: || (== dnxcore50) (>= netstandard1.0)
    System.Reflection.Primitives (4.0.1) - restriction: == dnxcore50
      Microsoft.NETCore.Platforms (>= 1.0.1) - restriction: || (== dnxcore50) (>= netstandard1.0)
      Microsoft.NETCore.Targets (>= 1.0.1) - restriction: || (== dnxcore50) (>= netstandard1.0)
      System.Runtime (>= 4.1) - restriction: || (== dnxcore50) (>= netstandard1.0)
    System.Reflection.TypeExtensions (4.1) - restriction: == dnxcore50
      System.Diagnostics.Contracts (>= 4.0.1) - restriction: == dnxcore50
      System.Diagnostics.Debug (>= 4.0.11) - restriction: == dnxcore50
      System.Linq (>= 4.1) - restriction: == dnxcore50
      System.Reflection (>= 4.1) - restriction: || (== dnxcore50) (== netstandard1.3) (>= netstandard1.5)
      System.Reflection.Primitives (>= 4.0.1) - restriction: == dnxcore50
      System.Resources.ResourceManager (>= 4.0.1) - restriction: == dnxcore50
      System.Runtime (>= 4.1) - restriction: || (== dnxcore50) (== netstandard1.3) (>= netstandard1.5)
      System.Runtime.Extensions (>= 4.1) - restriction: == dnxcore50
    System.Resources.ResourceManager (4.0.1) - restriction: == dnxcore50
      Microsoft.NETCore.Platforms (>= 1.0.1) - restriction: || (== dnxcore50) (>= netstandard1.0)
      Microsoft.NETCore.Targets (>= 1.0.1) - restriction: || (== dnxcore50) (>= netstandard1.0)
      System.Globalization (>= 4.0.11) - restriction: || (== dnxcore50) (>= netstandard1.0)
      System.Reflection (>= 4.1) - restriction: || (== dnxcore50) (>= netstandard1.0)
      System.Runtime (>= 4.1) - restriction: || (== dnxcore50) (>= netstandard1.0)
    System.Runtime (4.1) - restriction: == dnxcore50
      Microsoft.NETCore.Platforms (>= 1.0.1) - restriction: || (== dnxcore50) (== netstandard1.0) (== netstandard1.2) (== netstandard1.3) (>= netstandard1.5)
      Microsoft.NETCore.Targets (>= 1.0.1) - restriction: || (== dnxcore50) (== netstandard1.0) (== netstandard1.2) (== netstandard1.3) (>= netstandard1.5)
    System.Runtime.Extensions (4.1) - restriction: == dnxcore50
      Microsoft.NETCore.Platforms (>= 1.0.1) - restriction: || (== dnxcore50) (== netstandard1.0) (== netstandard1.3) (>= netstandard1.5)
      Microsoft.NETCore.Targets (>= 1.0.1) - restriction: || (== dnxcore50) (== netstandard1.0) (== netstandard1.3) (>= netstandard1.5)
      System.Runtime (>= 4.1) - restriction: || (== dnxcore50) (== netstandard1.0) (== netstandard1.3) (>= netstandard1.5)
    System.Text.Encoding (4.0.11) - restriction: == dnxcore50
      Microsoft.NETCore.Platforms (>= 1.0.1) - restriction: || (== dnxcore50) (== netstandard1.0) (>= netstandard1.3)
      Microsoft.NETCore.Targets (>= 1.0.1) - restriction: || (== dnxcore50) (== netstandard1.0) (>= netstandard1.3)
      System.Runtime (>= 4.1) - restriction: || (== dnxcore50) (== netstandard1.0) (>= netstandard1.3)
    System.Threading (4.0.11) - restriction: == dnxcore50
      System.Runtime (>= 4.1) - restriction: || (== dnxcore50) (== netstandard1.0) (>= netstandard1.3)
      System.Threading.Tasks (>= 4.0.11) - restriction: || (== dnxcore50) (== netstandard1.0) (>= netstandard1.3)
    System.Threading.Tasks (4.0.11) - restriction: == dnxcore50
      Microsoft.NETCore.Platforms (>= 1.0.1) - restriction: || (== dnxcore50) (== netstandard1.0) (>= netstandard1.3)
      Microsoft.NETCore.Targets (>= 1.0.1) - restriction: || (== dnxcore50) (== netstandard1.0) (>= netstandard1.3)
      System.Runtime (>= 4.1) - restriction: || (== dnxcore50) (== netstandard1.0) (>= netstandard1.3)
    Unquote (3.1.2)
    xunit.abstractions (2.0) - restriction: || (== dnx451) (== dnxcore50) (== monoandroid) (== monotouch) (== win8) (== wp8) (== wpa81) (== xamarinios) (>= net45)
    xunit.extensibility.core (2.1) - restriction: || (== dnx451) (== dnxcore50) (== monoandroid) (== monotouch) (== win8) (== wp8) (== wpa81) (== xamarinios) (>= net45)
      xunit.abstractions (2.0)
    xunit.extensibility.execution (2.1)
      System.Collections (>= 4.0) - restriction: == dnxcore50
      System.Diagnostics.Debug (>= 4.0) - restriction: == dnxcore50
      System.Globalization (>= 4.0) - restriction: == dnxcore50
      System.IO (>= 4.0) - restriction: == dnxcore50
      System.Linq (>= 4.0) - restriction: == dnxcore50
      System.Linq.Expressions (>= 4.0) - restriction: == dnxcore50
      System.Reflection (>= 4.0) - restriction: == dnxcore50
      System.Reflection.Extensions (>= 4.0) - restriction: == dnxcore50
      System.Runtime (>= 4.0) - restriction: == dnxcore50
      System.Runtime.Extensions (>= 4.0) - restriction: == dnxcore50
      System.Text.Encoding (>= 4.0) - restriction: == dnxcore50
      System.Threading (>= 4.0) - restriction: == dnxcore50
      System.Threading.Tasks (>= 4.0) - restriction: == dnxcore50
      xunit.abstractions (>= 2.0) - restriction: == dnxcore50
      xunit.extensibility.core (2.1) - restriction: || (== dnx451) (== dnxcore50) (== monoandroid) (== monotouch) (== win8) (== wp8) (== wpa81) (== xamarinios) (>= net45)
    xunit.runner.console (2.1)
